GEM
  remote: https://rubygems.org/
  specs:
    diff-lcs (1.4.4)
    json_matchers (0.11.1)
      json_schema
    json_schema (0.21.0)
    rspec (3.10.0)
      rspec-core (~> 3.10.0)
      rspec-expectations (~> 3.10.0)
      rspec-mocks (~> 3.10.0)
    rspec-core (3.10.1)
      rspec-support (~> 3.10.0)
    rspec-expectations (3.10.1)
      diff-lcs (>= 1.2.0, < 2.0)
      rspec-support (~> 3.10.0)
    rspec-mocks (3.10.2)
      diff-lcs (>= 1.2.0, < 2.0)
      rspec-support (~> 3.10.0)
    rspec-support (3.10.3)

PLATFORMS
  arm64-darwin-20

DEPENDENCIES
  json_matchers
  rspec

BUNDLED WITH
   2.2.15
